STORAGE: NONE
RESTRICTION: == net8.0
NUGET
  remote: https://api.nuget.org/v3/index.json
    Expecto (10.2.1)
      FSharp.Core (>= 7.0.200)
      Mono.Cecil (>= 0.11.4 < 1.0)
    Expecto.FsCheck (10.2.1)
      Expecto (>= 10.2.1)
      FsCheck (>= 2.16.5 < 3.0)
    Fable.Core (4.3)
    Fable.Mocha (2.17)
      Fable.Core (>= 3.0)
      FSharp.Core (>= 4.7)
    FsCheck (2.16.6)
      FSharp.Core (>= 4.2.3)
    FSharp.Core (8.0.300)
    Mono.Cecil (0.11.5)
